GEM
  remote: https://rubygems.org/
  specs:
    docile (1.4.1)
    minitest (5.25.1)
    rake (13.2.1)
    simplecov (0.22.0)
      docile (~> 1.1)
      simplecov-html (~> 0.11)
      simplecov_json_formatter (~> 0.1)
    simplecov-html (0.13.1)
    simplecov_json_formatter (0.1.4)

PLATFORMS
  x64-mingw-ucrt

DEPENDENCIES
  minitest (~> 5.18)
  rake (~> 13.0)
  simplecov (~> 0.22)

BUNDLED WITH
   2.5.16
